GEM
  remote: http://gemcutter.org/
  specs:
    amqp (0.6.7)
      eventmachine (>= 0.12.4)
    amqp-spec (0.3.5)
      amqp (~> 0.6.7)
      bundler (>= 1.0.0)
    diff-lcs (1.1.2)
    eventmachine (0.12.10)
    json (1.4.6)
    rspec (2.4.0)
      rspec-core (~> 2.4.0)
      rspec-expectations (~> 2.4.0)
      rspec-mocks (~> 2.4.0)
    rspec-core (2.4.0)
    rspec-expectations (2.4.0)
      diff-lcs (~> 1.1.2)
    rspec-mocks (2.4.0)

PLATFORMS
  ruby

DEPENDENCIES
  amqp-spec (>= 0.3.5)
  eventmachine
  json
  rspec (>= 2.0.0)
